PATH
  remote: .
  specs:
    revenc (0.1.2)
      configatron (>= 2.5.1)
      term-ansicolor (>= 1.0.4)

GEM
  remote: http://rubygems.org/
  specs:
    aruba (0.2.3)
      background_process
      cucumber (~> 0.9.0)
    background_process (1.2)
    builder (2.1.2)
    configatron (2.6.3)
      yamler (>= 0.1.0)
    cucumber (0.9.0)
      builder (~> 2.1.2)
      diff-lcs (~> 1.1.2)
      gherkin (~> 2.2.2)
      json (~> 1.4.6)
      term-ansicolor (~> 1.0.5)
    diff-lcs (1.1.2)
    gherkin (2.2.4)
      json (~> 1.4.6)
      term-ansicolor (~> 1.0.5)
      trollop (~> 1.16.2)
    json (1.4.6)
    rake (0.8.7)
    rdiscount (1.6.5)
    rspec (1.3.0)
    term-ansicolor (1.0.5)
    trollop (1.16.2)
    yamler (0.1.0)
    yard (0.6.1)

PLATFORMS
  ruby

DEPENDENCIES
  aruba (>= 0.2.0)
  bundler (>= 1.0.0)
  configatron (>= 2.5.1)
  cucumber (>= 0.6)
  rake (>= 0.8.7)
  rdiscount (>= 1.6.5)
  revenc!
  rspec (>= 1.2.9)
  term-ansicolor (>= 1.0.4)
  yard (>= 0.6.1)
