PATH
  remote: .
  specs:
    revenc (0.2.1)
      mutagem (>= 0.1.3)
      term-ansicolor (>= 1.0.4)

GEM
  remote: http://rubygems.org/
  specs:
    aruba (0.4.5)
      bcat (>= 0.6.1)
      childprocess (>= 0.1.9)
      cucumber (>= 0.10.7)
      rdiscount (>= 1.6.8)
      rspec (>= 2.6.0)
    bcat (0.6.1)
      rack (~> 1.0)
    builder (3.0.0)
    childprocess (0.2.0)
      ffi (~> 1.0.6)
    cucumber (1.0.2)
      builder (>= 2.1.2)
      diff-lcs (>= 1.1.2)
      gherkin (~> 2.4.5)
      json (>= 1.4.6)
      term-ansicolor (>= 1.0.5)
    diff-lcs (1.1.2)
    ffi (1.0.9)
    gherkin (2.4.5)
      json (>= 1.4.6)
    json (2.1.0)
    mutagem (0.2.3)
    rack (1.6.8)
    rake (0.9.2)
    rdiscount (1.6.8)
    rspec (2.6.0)
      rspec-core (~> 2.6.0)
      rspec-expectations (~> 2.6.0)
      rspec-mocks (~> 2.6.0)
    rspec-core (2.6.4)
    rspec-expectations (2.6.0)
      diff-lcs (~> 1.1.2)
    rspec-mocks (2.6.0)
    term-ansicolor (1.0.6)

PLATFORMS
  ruby

DEPENDENCIES
  aruba (~> 0.4.2)
  bundler (>= 1.0.14)
  cucumber (~> 1.0)
  rake (>= 0.8.7)
  revenc!
  rspec (>= 2.6.0)

BUNDLED WITH
   1.16.0
